GEM
  remote: https://rubygems.org/
  specs:
    addressable (2.6.0)
      public_suffix (>= 2.0.2, < 4.0)
    byebug (10.0.2)
    httparty (0.21.0)
      mini_mime (>= 1.0.0)
      multi_xml (>= 0.5.2)
    json (2.1.0)
    mini_mime (1.1.2)
    multi_xml (0.6.0)
    mustermann (1.0.3)
    power_assert (1.1.1)
    public_suffix (3.0.3)
    rack (2.0.6)
    rack-protection (2.0.5)
      rack
    rack-test (1.1.0)
      rack (>= 1.0, < 3)
    sinatra (2.0.5)
      mustermann (~> 1.0)
      rack (~> 2.0)
      rack-protection (= 2.0.5)
      tilt (~> 2.0)
    test-unit (3.2.7)
      power_assert
    tilt (2.0.9)

PLATFORMS
  ruby

DEPENDENCIES
  addressable
  byebug
  httparty
  json
  rack-test
  sinatra
  test-unit

RUBY VERSION
   ruby 2.5.3p105

BUNDLED WITH
   1.17.3
